GEM
  remote: https://rubygems.org/
  specs:
    childprocess (3.0.0)
    dotenv (2.8.1)
    nokogiri (1.13.9-arm64-darwin)
      racc (~> 1.4)
    racc (1.6.0)
    rubyzip (2.3.2)
    selenium-webdriver (3.142.7)
      childprocess (>= 0.5, < 4.0)
      rubyzip (>= 1.2.2)
    webdrivers (4.5.0)
      nokogiri (~> 1.6)
      rubyzip (>= 1.3.0)
      selenium-webdriver (>= 3.0, < 4.0)

PLATFORMS
  arm64-darwin-21

DEPENDENCIES
  dotenv (~> 2.8.1)
  webdrivers (~> 4.5.0)

BUNDLED WITH
   2.2.3
